PATH
  remote: .
  specs:
    bcsec-rails (2.0.1.pre)
      bcsec (>= 2.0.0)
      rails (~> 2.3.5)

GEM
  remote: http://rubygems.org/
  remote: http://download.bioinformatics.northwestern.edu/gems/
  specs:
    actionmailer (2.3.10)
      actionpack (= 2.3.10)
    actionpack (2.3.10)
      activesupport (= 2.3.10)
      rack (~> 1.1.0)
    activerecord (2.3.10)
      activesupport (= 2.3.10)
    activeresource (2.3.10)
      activesupport (= 2.3.10)
    activesupport (2.3.10)
    bcaudit (0.0.2)
      activerecord (~> 2.3.2)
      rack (~> 1.1)
    bcdatabase (1.0.2)
      activesupport (~> 2.0)
      highline (~> 1.6)
    bcsec (2.0.5)
      activerecord (~> 2.3.5)
      activesupport (~> 2.3.5)
      bcaudit (~> 0.0, >= 0.0.2)
      bcdatabase (~> 1.0)
      composite_primary_keys (~> 2.3.5)
      net-ldap (~> 0.1.1)
      rubycas-client (~> 2.1.0)
      rubytree (~> 0.7.0)
      schema_qualified_tables (~> 1.0)
      warden (~> 0.10.3)
    builder (2.1.2)
    celerity (0.8.2)
    ci_reporter (1.6.3)
      builder (>= 2.1.2)
    composite_primary_keys (2.3.5.1)
      activerecord (>= 2.3.5)
    cucumber (0.8.5)
      builder (~> 2.1.2)
      diff-lcs (~> 1.1.2)
      gherkin (~> 2.1.4)
      json_pure (~> 1.4.3)
      term-ansicolor (~> 1.0.4)
    culerity (0.2.12)
    diff-lcs (1.1.2)
    fssm (0.1.4)
    gherkin (2.1.5)
      trollop (~> 1.16.2)
    highline (1.6.1)
    json_pure (1.4.6)
    net-ldap (0.1.1)
    net-scp (1.0.4)
      net-ssh (>= 1.99.1)
    net-ssh (2.0.23)
    rack (1.1.0)
    rails (2.3.10)
      actionmailer (= 2.3.10)
      actionpack (= 2.3.10)
      activerecord (= 2.3.10)
      activeresource (= 2.3.10)
      activesupport (= 2.3.10)
      rake (>= 0.8.3)
    rake (0.8.7)
    rcov (0.9.9)
    rdiscount (1.6.5)
    rspec (1.3.1)
    rubycas-client (2.1.0)
      activesupport
    rubytree (0.7.0)
    schema_qualified_tables (1.0.0)
      activerecord (>= 2.3)
    term-ansicolor (1.0.5)
    trollop (1.16.2)
    warden (0.10.7)
      rack (>= 1.0.0)
    yard (0.6.1)

PLATFORMS
  ruby

DEPENDENCIES
  bcsec (>= 2.0.0)
  bcsec-rails!
  celerity
  ci_reporter (~> 1.6)
  cucumber (~> 0.8.0)
  culerity (~> 0.2)
  fssm
  net-scp
  net-ssh
  rails (~> 2.3.5)
  rake (~> 0.8)
  rcov
  rdiscount
  rspec (~> 1.3)
  yard (~> 0.5)
